GEM
  remote: https://rubygems.org/
  specs:
    addressable (2.3.8)
    aws-sdk-core (2.2.8)
      jmespath (~> 1.0)
    berkshelf (4.0.1)
      addressable (~> 2.3.4)
      berkshelf-api-client (~> 2.0)
      buff-config (~> 1.0)
      buff-extensions (~> 1.0)
      buff-shell_out (~> 0.1)
      celluloid (= 0.16.0)
      celluloid-io (~> 0.16.1)
      cleanroom (~> 1.0)
      faraday (~> 0.9.0)
      httpclient (~> 2.6.0)
      minitar (~> 0.5.4)
      octokit (~> 3.0)
      retryable (~> 2.0)
      ridley (~> 4.3)
      solve (~> 1.1)
      thor (~> 0.19)
    berkshelf-api-client (2.0.0)
      faraday (~> 0.9.1)
      httpclient (~> 2.6.0)
    buff-config (1.0.1)
      buff-extensions (~> 1.0)
      varia_model (~> 0.4)
    buff-extensions (1.0.0)
    buff-ignore (1.1.1)
    buff-ruby_engine (0.1.0)
    buff-shell_out (0.2.0)
      buff-ruby_engine (~> 0.1.0)
    builder (3.2.2)
    celluloid (0.16.0)
      timers (~> 4.0.0)
    celluloid-io (0.16.2)
      celluloid (>= 0.16.0)
      nio4r (>= 1.1.0)
    chef (12.6.0)
      chef-config (= 12.6.0)
      chef-zero (~> 4.2, >= 4.2.2)
      diff-lcs (~> 1.2, >= 1.2.4)
      erubis (~> 2.7)
      ffi-yajl (~> 2.2)
      highline (~> 1.6, >= 1.6.9)
      mixlib-authentication (~> 1.3)
      mixlib-cli (~> 1.4)
      mixlib-log (~> 1.3)
      mixlib-shellout (~> 2.0)
      net-ssh (~> 2.6)
      net-ssh-multi (~> 1.1)
      ohai (>= 8.6.0.alpha.1, < 9)
      plist (~> 3.1.0)
      proxifier (~> 1.0)
      pry (~> 0.9)
      rspec-core (~> 3.4)
      rspec-expectations (~> 3.4)
      rspec-mocks (~> 3.4)
      rspec_junit_formatter (~> 0.2.0)
      serverspec (~> 2.7)
      specinfra (~> 2.10)
      syslog-logger (~> 1.6)
    chef-config (12.6.0)
      mixlib-config (~> 2.0)
      mixlib-shellout (~> 2.0)
    chef-vault (2.6.1)
    chef-zero (4.4.0)
      ffi-yajl (~> 2.2)
      hashie (>= 2.0, < 4.0)
      mixlib-log (~> 1.3)
      rack
      uuidtools (~> 2.1)
    cleanroom (1.0.0)
    coderay (1.1.0)
    color (1.8)
    colorize (0.7.7)
    daemons (1.2.3)
    dep-selector-libgecode (1.0.2)
    dep_selector (1.0.3)
      dep-selector-libgecode (~> 1.0)
      ffi (~> 1.9)
    diff-lcs (1.2.5)
    em-winrm (0.7.0)
      eventmachine (~> 1.0.0)
      mixlib-log (>= 1.3.0)
      uuidtools (~> 2.1.1)
      winrm (~> 1.3.0)
    erubis (2.7.0)
    eventmachine (1.0.8)
    faraday (0.9.2)
      multipart-post (>= 1.2, < 3)
    ffi (1.9.10)
    ffi-yajl (2.2.2)
      libyajl2 (~> 1.2)
    fileutils (0.7)
      rmagick (>= 2.13.1)
    gssapi (1.2.0)
      ffi (>= 1.0.1)
    gyoku (1.3.1)
      builder (>= 2.1.2)
    hashie (3.4.3)
    highline (1.7.8)
    hitimes (1.2.3)
    httpclient (2.6.0.1)
    ipaddress (0.8.0)
    jmespath (1.1.3)
    json (1.8.3)
    json-schema (2.5.2)
      addressable (~> 2.3.8)
    knife-windows (0.8.2)
      em-winrm (~> 0.6)
      winrm-s (~> 0.2)
    libyajl2 (1.2.0)
    little-plugger (1.1.4)
    logging (2.0.0)
      little-plugger (~> 1.1)
      multi_json (~> 1.10)
    method_source (0.8.2)
    mini_portile (0.6.2)
    minitar (0.5.4)
    mixlib-authentication (1.3.0)
      mixlib-log
    mixlib-cli (1.5.0)
    mixlib-config (2.2.1)
    mixlib-log (1.6.0)
    mixlib-shellout (2.2.5)
    multi_json (1.11.2)
    multipart-post (2.0.0)
    mysql (2.9.1)
    net-ldap (0.12.1)
    net-scp (1.2.1)
      net-ssh (>= 2.6.5)
    net-ssh (2.9.2)
    net-ssh-gateway (1.2.0)
      net-ssh (>= 2.6.5)
    net-ssh-multi (1.2.1)
      net-ssh (>= 2.6.5)
      net-ssh-gateway (>= 1.2.0)
    net-telnet (0.1.1)
    netaddr (1.5.0)
    nio4r (1.2.0)
    nokogiri (1.6.6.4)
      mini_portile (~> 0.6.0)
    nori (2.6.0)
    octokit (3.8.0)
      sawyer (~> 0.6.0, >= 0.5.3)
    ohai (8.8.1)
      chef-config (>= 12.5.0.alpha.1, < 13)
      ffi (~> 1.9)
      ffi-yajl (~> 2.2)
      ipaddress
      mixlib-cli
      mixlib-config (~> 2.0)
      mixlib-log
      mixlib-shellout (~> 2.0)
      rake (~> 10.1)
      systemu (~> 2.6.4)
      wmi-lite (~> 1.0)
    pg (0.18.4)
    plist (3.1.0)
    proxifier (1.0.3)
    pry (0.10.3)
      coderay (~> 1.1.0)
      method_source (~> 0.8.1)
      slop (~> 3.4)
    rack (1.6.4)
    rake (10.4.2)
    retryable (2.0.3)
    ridley (4.3.2)
      addressable
      buff-config (~> 1.0)
      buff-extensions (~> 1.0)
      buff-ignore (~> 1.1)
      buff-shell_out (~> 0.1)
      celluloid (~> 0.16.0)
      celluloid-io (~> 0.16.1)
      erubis
      faraday (~> 0.9.0)
      hashie (>= 2.0.2, < 4.0.0)
      httpclient (~> 2.6)
      json (>= 1.7.7)
      mixlib-authentication (>= 1.3.0)
      retryable (~> 2.0)
      semverse (~> 1.1)
      varia_model (~> 0.4.0)
    rmagick (2.15.4)
    rspec (3.4.0)
      rspec-core (~> 3.4.0)
      rspec-expectations (~> 3.4.0)
      rspec-mocks (~> 3.4.0)
    rspec-core (3.4.1)
      rspec-support (~> 3.4.0)
    rspec-expectations (3.4.0)
      diff-lcs (>= 1.2.0, < 2.0)
      rspec-support (~> 3.4.0)
    rspec-its (1.2.0)
      rspec-core (>= 3.0.0)
      rspec-expectations (>= 3.0.0)
    rspec-mocks (3.4.0)
      diff-lcs (>= 1.2.0, < 2.0)
      rspec-support (~> 3.4.0)
    rspec-support (3.4.1)
    rspec_junit_formatter (0.2.3)
      builder (< 4)
      rspec-core (>= 2, < 4, != 2.12.0)
    ruby-graphviz (1.2.2)
    ruby-wmi (0.4.0)
    rubyntlm (0.4.0)
    sawyer (0.6.0)
      addressable (~> 2.3.5)
      faraday (~> 0.8, < 0.10)
    semverse (1.2.1)
    serverspec (2.25.0)
      multi_json
      rspec (~> 3.0)
      rspec-its
      specinfra (~> 2.46)
    sfl (2.2)
    simple-password-gen (0.1.5)
    slop (3.6.0)
    solve (1.2.1)
      dep_selector (~> 1.0)
      semverse (~> 1.1)
    specinfra (2.47.0)
      net-scp
      net-ssh (>= 2.7, < 3.1)
      net-telnet
      sfl
    syslog-logger (1.6.8)
    systemu (2.6.5)
    thin (1.6.4)
      daemons (~> 1.0, >= 1.0.9)
      eventmachine (~> 1.0, >= 1.0.4)
      rack (~> 1.0)
    thor (0.19.1)
    timers (4.0.4)
      hitimes
    trollop (2.1.2)
    uuidtools (2.1.5)
    varia_model (0.4.1)
      buff-extensions (~> 1.0)
      hashie (>= 2.0.2, < 4.0.0)
    winrm (1.3.6)
      builder (>= 2.1.2)
      gssapi (~> 1.2)
      gyoku (~> 1.0)
      httpclient (~> 2.2, >= 2.2.0.2)
      logging (>= 1.6.1, < 3.0)
      nori (~> 2.0)
      rubyntlm (~> 0.4.0)
      uuidtools (~> 2.1.2)
    winrm-s (0.3.1)
      winrm (~> 1.3.0)
    wmi-lite (1.0.0)
    yard (0.8.7.6)

PLATFORMS
  ruby

DEPENDENCIES
  aws-sdk-core (~> 2.2.8)
  berkshelf
  celluloid (= 0.16.0)
  chef (~> 12.6.0)
  chef-vault (~> 2.6.1)
  color
  colorize
  fileutils
  json-schema
  knife-windows (= 0.8.2)
  mysql
  net-ldap
  net-ssh (~> 2.9.2)
  netaddr
  nokogiri (~> 1.6.6.4)
  pg
  rack
  ruby-graphviz (~> 1.2.2)
  ruby-wmi
  simple-password-gen
  thin
  trollop (~> 2.1.2)
  yard

BUNDLED WITH
   1.10.6
