GIT
  remote: https://github.com/eGT-Labs/knife-windows.git
  revision: d9ed1c2da3fa60a6adaa4e3089cbab32a5999e93
  branch: winrm_cert_auth
  specs:
    knife-windows (2.0.3)
      winrm (~> 2.1)
      winrm-elevated (~> 1.0)

PATH
  remote: ..
  specs:
    cloud-mu (3.2.0beta1)
      addressable (~> 2.5)
      aws-sdk-core (< 3)
      azure_sdk (~> 0.52)
      bundler (~> 1.17)
      chronic_duration (~> 0.10)
      color (~> 1.8)
      colorize (~> 0.8)
      erubis (~> 2.7)
      google-api-client (~> 0.36.4)
      googleauth (~> 0.6)
      inifile (~> 3.0)
      json-schema (~> 2.8)
      net-ldap (~> 0.16)
      net-ssh (~> 4.2)
      net-ssh-multi (~> 1.2, >= 1.2.1)
      netaddr (~> 2.0)
      nokogiri (~> 1.10)
      openssl-oaep (~> 0.1)
      optimist (~> 3.0)
      rack (~> 2.0)
      rubocop (~> 0.58)
      ruby-graphviz (~> 1.2)
      rubyzip (~> 2.0)
      simple-password-gen (~> 0.1)
      slack-notifier (~> 2.3)
      solve (~> 4.0)
      thin (~> 1.7)
      vsphere-automation-sdk (~> 0.4)
      winrm (~> 2.3, >= 2.3.4)
      yard (~> 0.9)

GEM
  remote: https://rubygems.org/
  specs:
    activesupport (6.0.3)
      concurrent-ruby (~> 1.0, >= 1.0.2)
      i18n (>= 0.7, < 2)
      minitest (~> 5.1)
      tzinfo (~> 1.1)
      zeitwerk (~> 2.2, >= 2.2.2)
    addressable (2.5.2)
      public_suffix (>= 2.0.2, < 4.0)
    ast (2.4.0)
    aws-eventstream (1.1.0)
    aws-sdk-core (2.11.507)
      aws-sigv4 (~> 1.0)
      jmespath (~> 1.0)
    aws-sigv4 (1.1.3)
      aws-eventstream (~> 1.0, >= 1.0.2)
    azure-core (0.1.15)
      faraday (~> 0.9)
      faraday_middleware (~> 0.10)
      nokogiri (~> 1.6)
    azure-storage (0.14.0.preview)
      azure-core (~> 0.1)
      faraday (~> 0.9)
      faraday_middleware (~> 0.10)
      nokogiri (~> 1.6, >= 1.6.8)
    azure_cognitiveservices_anomalydetector (0.17.0)
      ms_rest_azure (~> 0.11.0)
    azure_cognitiveservices_autosuggest (0.17.1)
      ms_rest_azure (~> 0.11.0)
    azure_cognitiveservices_computervision (0.20.1)
      ms_rest_azure (~> 0.11.1)
    azure_cognitiveservices_contentmoderator (0.17.2)
      ms_rest_azure (~> 0.11.0)
    azure_cognitiveservices_customimagesearch (0.17.1)
      ms_rest_azure (~> 0.11.0)
    azure_cognitiveservices_customsearch (0.18.1)
      ms_rest_azure (~> 0.11.0)
    azure_cognitiveservices_customvisionprediction (0.17.2)
      ms_rest_azure (~> 0.11.0)
    azure_cognitiveservices_customvisiontraining (0.17.2)
      ms_rest_azure (~> 0.11.0)
    azure_cognitiveservices_entitysearch (0.18.1)
      ms_rest_azure (~> 0.11.0)
    azure_cognitiveservices_face (0.19.0)
      ms_rest_azure (~> 0.11.1)
    azure_cognitiveservices_formrecognizer (0.17.1)
      ms_rest_azure (~> 0.11.1)
    azure_cognitiveservices_imagesearch (0.18.2)
      ms_rest_azure (~> 0.11.1)
    azure_cognitiveservices_localsearch (0.17.1)
      ms_rest_azure (~> 0.11.0)
    azure_cognitiveservices_luisauthoring (0.18.0)
      ms_rest_azure (~> 0.11.1)
    azure_cognitiveservices_luisruntime (0.18.0)
      ms_rest_azure (~> 0.11.1)
    azure_cognitiveservices_newssearch (0.18.1)
      ms_rest_azure (~> 0.11.0)
    azure_cognitiveservices_personalizer (0.17.0)
      ms_rest_azure (~> 0.11.1)
    azure_cognitiveservices_qnamaker (0.18.0)
      ms_rest_azure (~> 0.11.1)
    azure_cognitiveservices_qnamakerruntime (0.17.1)
      ms_rest_azure (~> 0.11.1)
    azure_cognitiveservices_spellcheck (0.18.1)
      ms_rest_azure (~> 0.11.0)
    azure_cognitiveservices_textanalytics (0.17.3)
      ms_rest_azure (~> 0.11.0)
    azure_cognitiveservices_videosearch (0.18.1)
      ms_rest_azure (~> 0.11.0)
    azure_cognitiveservices_visualsearch (0.18.1)
      ms_rest_azure (~> 0.11.0)
    azure_cognitiveservices_websearch (0.18.1)
      ms_rest_azure (~> 0.11.0)
    azure_event_grid (0.18.0)
      ms_rest_azure (~> 0.11.1)
    azure_graph_rbac (0.17.1)
      ms_rest_azure (~> 0.11.0)
    azure_key_vault (0.17.3)
      ms_rest_azure (~> 0.11.0)
    azure_mgmt_adhybridhealth_service (0.17.0)
      ms_rest_azure (~> 0.11.1)
    azure_mgmt_advisor (0.17.1)
      ms_rest_azure (~> 0.11.1)
    azure_mgmt_alerts_management (0.17.0)
      ms_rest_azure (~> 0.11.1)
    azure_mgmt_analysis_services (0.17.2)
      ms_rest_azure (~> 0.11.0)
    azure_mgmt_api_management (0.19.0)
      ms_rest_azure (~> 0.11.1)
    azure_mgmt_appconfiguration (0.17.1)
      ms_rest_azure (~> 0.11.1)
    azure_mgmt_attestation (0.17.0)
      ms_rest_azure (~> 0.11.1)
    azure_mgmt_authorization (0.18.4)
      ms_rest_azure (~> 0.11.0)
    azure_mgmt_automation (0.17.2)
      ms_rest_azure (~> 0.11.0)
    azure_mgmt_azurestack (0.17.1)
      ms_rest_azure (~> 0.11.1)
    azure_mgmt_batch (0.18.0)
      ms_rest_azure (~> 0.11.1)
    azure_mgmt_batchai (0.17.0)
      ms_rest_azure (~> 0.11.1)
    azure_mgmt_billing (0.17.2)
      ms_rest_azure (~> 0.11.0)
    azure_mgmt_bot_service (0.17.0)
      ms_rest_azure (~> 0.11.1)
    azure_mgmt_cdn (0.17.3)
      ms_rest_azure (~> 0.11.0)
    azure_mgmt_cognitive_services (0.19.1)
      ms_rest_azure (~> 0.11.1)
    azure_mgmt_commerce (0.17.1)
      ms_rest_azure (~> 0.11.0)
    azure_mgmt_compute (0.19.2)
      ms_rest_azure (~> 0.11.1)
    azure_mgmt_consumption (0.18.0)
      ms_rest_azure (~> 0.11.1)
    azure_mgmt_container_instance (0.17.4)
      ms_rest_azure (~> 0.11.0)
    azure_mgmt_container_registry (0.18.3)
      ms_rest_azure (~> 0.11.1)
    azure_mgmt_container_service (0.20.1)
      ms_rest_azure (~> 0.11.1)
    azure_mgmt_cosmosdb (0.21.0)
      ms_rest_azure (~> 0.11.1)
    azure_mgmt_cost_management (0.17.0)
      ms_rest_azure (~> 0.11.1)
    azure_mgmt_customer_insights (0.17.2)
      ms_rest_azure (~> 0.11.0)
    azure_mgmt_data_factory (0.18.1)
      ms_rest_azure (~> 0.11.1)
    azure_mgmt_data_migration (0.18.0)
      ms_rest_azure (~> 0.11.1)
    azure_mgmt_databox (0.17.0)
      ms_rest_azure (~> 0.11.1)
    azure_mgmt_datalake_analytics (0.17.2)
      ms_rest_azure (~> 0.11.0)
    azure_mgmt_datalake_store (0.17.2)
      ms_rest_azure (~> 0.11.0)
    azure_mgmt_datashare (0.17.0)
      ms_rest_azure (~> 0.11.1)
    azure_mgmt_deployment_manager (0.17.0)
      ms_rest_azure (~> 0.11.1)
    azure_mgmt_dev_spaces (0.17.2)
      ms_rest_azure (~> 0.11.0)
    azure_mgmt_devtestlabs (0.18.0)
      ms_rest_azure (~> 0.11.1)
    azure_mgmt_dns (0.17.4)
      ms_rest_azure (~> 0.11.0)
    azure_mgmt_edgegateway (0.18.0)
      ms_rest_azure (~> 0.11.0)
    azure_mgmt_event_grid (0.19.0)
      ms_rest_azure (~> 0.11.1)
    azure_mgmt_event_hub (0.18.0)
      ms_rest_azure (~> 0.11.1)
    azure_mgmt_features (0.17.2)
      ms_rest_azure (~> 0.11.0)
    azure_mgmt_hanaonazure (0.18.0)
      ms_rest_azure (~> 0.11.1)
    azure_mgmt_hdinsight (0.17.7)
      ms_rest_azure (~> 0.11.1)
    azure_mgmt_import_export (0.17.0)
      ms_rest_azure (~> 0.11.1)
    azure_mgmt_iot_central (0.19.0)
      ms_rest_azure (~> 0.11.1)
    azure_mgmt_iot_hub (0.17.3)
      ms_rest_azure (~> 0.11.1)
    azure_mgmt_key_vault (0.17.5)
      ms_rest_azure (~> 0.11.1)
    azure_mgmt_kubernetes_configuration (0.17.0)
      ms_rest_azure (~> 0.11.1)
    azure_mgmt_kusto (0.19.1)
      ms_rest_azure (~> 0.11.1)
    azure_mgmt_labservices (0.17.1)
      ms_rest_azure (~> 0.11.0)
    azure_mgmt_links (0.17.2)
      ms_rest_azure (~> 0.11.0)
    azure_mgmt_locks (0.17.3)
      ms_rest_azure (~> 0.11.0)
    azure_mgmt_logic (0.18.1)
      ms_rest_azure (~> 0.11.0)
    azure_mgmt_machine_learning (0.17.2)
      ms_rest_azure (~> 0.11.0)
    azure_mgmt_machine_learning_services (0.17.2)
      ms_rest_azure (~> 0.11.1)
    azure_mgmt_maintenance (0.17.0)
      ms_rest_azure (~> 0.11.1)
    azure_mgmt_managed_applications (0.17.2)
      ms_rest_azure (~> 0.11.0)
    azure_mgmt_mariadb (0.17.2)
      ms_rest_azure (~> 0.11.1)
    azure_mgmt_marketplace_ordering (0.17.4)
      ms_rest_azure (~> 0.11.0)
    azure_mgmt_media_services (0.20.0)
      ms_rest_azure (~> 0.11.1)
    azure_mgmt_migrate (0.17.0)
      ms_rest_azure (~> 0.11.1)
    azure_mgmt_mixedreality (0.17.2)
      ms_rest_azure (~> 0.11.1)
    azure_mgmt_monitor (0.17.5)
      ms_rest_azure (~> 0.11.1)
    azure_mgmt_msi (0.17.1)
      ms_rest_azure (~> 0.11.0)
    azure_mgmt_mysql (0.17.0)
      ms_rest_azure (~> 0.11.1)
    azure_mgmt_netapp (0.19.0)
      ms_rest_azure (~> 0.11.1)
    azure_mgmt_network (0.23.2)
      ms_rest_azure (~> 0.11.1)
    azure_mgmt_notification_hubs (0.17.2)
      ms_rest_azure (~> 0.11.0)
    azure_mgmt_operational_insights (0.17.2)
      ms_rest_azure (~> 0.11.0)
    azure_mgmt_operations_management (0.17.0)
      ms_rest_azure (~> 0.11.1)
    azure_mgmt_peering (0.17.0)
      ms_rest_azure (~> 0.11.1)
    azure_mgmt_policy (0.17.8)
      ms_rest_azure (~> 0.11.1)
    azure_mgmt_policy_insights (0.17.6)
      ms_rest_azure (~> 0.11.1)
    azure_mgmt_portal (0.17.0)
      ms_rest_azure (~> 0.11.1)
    azure_mgmt_postgresql (0.17.1)
      ms_rest_azure (~> 0.11.1)
    azure_mgmt_powerbi_dedicated (0.17.0)
      ms_rest_azure (~> 0.11.1)
    azure_mgmt_powerbi_embedded (0.17.1)
      ms_rest_azure (~> 0.11.0)
    azure_mgmt_privatedns (0.17.1)
      ms_rest_azure (~> 0.11.0)
    azure_mgmt_recovery_services (0.18.0)
      ms_rest_azure (~> 0.11.1)
    azure_mgmt_recovery_services_backup (0.18.1)
      ms_rest_azure (~> 0.11.1)
    azure_mgmt_recovery_services_site_recovery (0.17.2)
      ms_rest_azure (~> 0.11.0)
    azure_mgmt_redis (0.17.3)
      ms_rest_azure (~> 0.11.0)
    azure_mgmt_relay (0.17.2)
      ms_rest_azure (~> 0.11.0)
    azure_mgmt_reservations (0.19.1)
      ms_rest_azure (~> 0.11.1)
    azure_mgmt_resource_health (0.17.0)
      ms_rest_azure (~> 0.11.1)
    azure_mgmt_resourcegraph (0.17.1)
      ms_rest_azure (~> 0.11.1)
    azure_mgmt_resources (0.17.8)
      ms_rest_azure (~> 0.11.1)
    azure_mgmt_resources_management (0.17.1)
      ms_rest_azure (~> 0.11.0)
    azure_mgmt_scheduler (0.17.1)
      ms_rest_azure (~> 0.11.0)
    azure_mgmt_search (0.17.2)
      ms_rest_azure (~> 0.11.0)
    azure_mgmt_security (0.18.0)
      ms_rest_azure (~> 0.11.1)
    azure_mgmt_serialconsole (0.17.0)
      ms_rest_azure (~> 0.11.0)
    azure_mgmt_service_bus (0.17.3)
      ms_rest_azure (~> 0.11.0)
    azure_mgmt_service_fabric (0.17.2)
      ms_rest_azure (~> 0.11.0)
    azure_mgmt_signalr (0.17.4)
      ms_rest_azure (~> 0.11.1)
    azure_mgmt_sql (0.19.0)
      ms_rest_azure (~> 0.11.1)
    azure_mgmt_sqlvirtualmachine (0.18.1)
      ms_rest_azure (~> 0.11.1)
    azure_mgmt_stor_simple8000_series (0.17.2)
      ms_rest_azure (~> 0.11.0)
    azure_mgmt_storage (0.21.0)
      ms_rest_azure (~> 0.11.1)
    azure_mgmt_storagecache (0.18.0)
      ms_rest_azure (~> 0.11.1)
    azure_mgmt_storagesync (0.18.0)
      ms_rest_azure (~> 0.11.1)
    azure_mgmt_stream_analytics (0.17.2)
      ms_rest_azure (~> 0.11.0)
    azure_mgmt_subscriptions (0.18.2)
      ms_rest_azure (~> 0.11.1)
    azure_mgmt_support (0.17.0)
      ms_rest_azure (~> 0.11.1)
    azure_mgmt_synapse (0.17.0)
      ms_rest_azure (~> 0.11.1)
    azure_mgmt_time_series_insights (0.17.0)
      ms_rest_azure (~> 0.11.1)
    azure_mgmt_traffic_manager (0.17.2)
      ms_rest_azure (~> 0.11.0)
    azure_mgmt_vmware_cloudsimple (0.17.0)
      ms_rest_azure (~> 0.11.1)
    azure_mgmt_web (0.17.5)
      ms_rest_azure (~> 0.11.1)
    azure_sdk (0.56.0)
      azure-storage (~> 0.14.0.preview)
      azure_cognitiveservices_anomalydetector (~> 0.17.0)
      azure_cognitiveservices_autosuggest (~> 0.17.1)
      azure_cognitiveservices_computervision (~> 0.20.1)
      azure_cognitiveservices_contentmoderator (~> 0.17.2)
      azure_cognitiveservices_customimagesearch (~> 0.17.1)
      azure_cognitiveservices_customsearch (~> 0.18.1)
      azure_cognitiveservices_customvisionprediction (~> 0.17.2)
      azure_cognitiveservices_customvisiontraining (~> 0.17.2)
      azure_cognitiveservices_entitysearch (~> 0.18.1)
      azure_cognitiveservices_face (~> 0.19.0)
      azure_cognitiveservices_formrecognizer (~> 0.17.1)
      azure_cognitiveservices_imagesearch (~> 0.18.2)
      azure_cognitiveservices_localsearch (~> 0.17.1)
      azure_cognitiveservices_luisauthoring (~> 0.18.0)
      azure_cognitiveservices_luisruntime (~> 0.18.0)
      azure_cognitiveservices_newssearch (~> 0.18.1)
      azure_cognitiveservices_personalizer (~> 0.17.0)
      azure_cognitiveservices_qnamaker (~> 0.18.0)
      azure_cognitiveservices_qnamakerruntime (~> 0.17.1)
      azure_cognitiveservices_spellcheck (~> 0.18.1)
      azure_cognitiveservices_textanalytics (~> 0.17.3)
      azure_cognitiveservices_videosearch (~> 0.18.1)
      azure_cognitiveservices_visualsearch (~> 0.18.1)
      azure_cognitiveservices_websearch (~> 0.18.1)
      azure_event_grid (~> 0.18.0)
      azure_graph_rbac (~> 0.17.1)
      azure_key_vault (~> 0.17.3)
      azure_mgmt_adhybridhealth_service (~> 0.17.0)
      azure_mgmt_advisor (~> 0.17.1)
      azure_mgmt_alerts_management (~> 0.17.0)
      azure_mgmt_analysis_services (~> 0.17.2)
      azure_mgmt_api_management (~> 0.19.0)
      azure_mgmt_appconfiguration (~> 0.17.1)
      azure_mgmt_attestation (~> 0.17.0)
      azure_mgmt_authorization (~> 0.18.4)
      azure_mgmt_automation (~> 0.17.2)
      azure_mgmt_azurestack (~> 0.17.1)
      azure_mgmt_batch (~> 0.18.0)
      azure_mgmt_batchai (~> 0.17.0)
      azure_mgmt_billing (~> 0.17.2)
      azure_mgmt_bot_service (~> 0.17.0)
      azure_mgmt_cdn (~> 0.17.3)
      azure_mgmt_cognitive_services (~> 0.19.1)
      azure_mgmt_commerce (~> 0.17.1)
      azure_mgmt_compute (~> 0.19.2)
      azure_mgmt_consumption (~> 0.18.0)
      azure_mgmt_container_instance (~> 0.17.4)
      azure_mgmt_container_registry (~> 0.18.3)
      azure_mgmt_container_service (~> 0.20.1)
      azure_mgmt_cosmosdb (~> 0.21.0)
      azure_mgmt_cost_management (~> 0.17.0)
      azure_mgmt_customer_insights (~> 0.17.2)
      azure_mgmt_data_factory (~> 0.18.1)
      azure_mgmt_data_migration (~> 0.18.0)
      azure_mgmt_databox (~> 0.17.0)
      azure_mgmt_datalake_analytics (~> 0.17.2)
      azure_mgmt_datalake_store (~> 0.17.2)
      azure_mgmt_datashare (~> 0.17.0)
      azure_mgmt_deployment_manager (~> 0.17.0)
      azure_mgmt_dev_spaces (~> 0.17.2)
      azure_mgmt_devtestlabs (~> 0.18.0)
      azure_mgmt_dns (~> 0.17.4)
      azure_mgmt_edgegateway (~> 0.18.0)
      azure_mgmt_event_grid (~> 0.19.0)
      azure_mgmt_event_hub (~> 0.18.0)
      azure_mgmt_features (~> 0.17.2)
      azure_mgmt_hanaonazure (~> 0.18.0)
      azure_mgmt_hdinsight (~> 0.17.7)
      azure_mgmt_import_export (~> 0.17.0)
      azure_mgmt_iot_central (~> 0.19.0)
      azure_mgmt_iot_hub (~> 0.17.3)
      azure_mgmt_key_vault (~> 0.17.5)
      azure_mgmt_kubernetes_configuration (~> 0.17.0)
      azure_mgmt_kusto (~> 0.19.1)
      azure_mgmt_labservices (~> 0.17.1)
      azure_mgmt_links (~> 0.17.2)
      azure_mgmt_locks (~> 0.17.3)
      azure_mgmt_logic (~> 0.18.1)
      azure_mgmt_machine_learning (~> 0.17.2)
      azure_mgmt_machine_learning_services (~> 0.17.2)
      azure_mgmt_maintenance (~> 0.17.0)
      azure_mgmt_managed_applications (~> 0.17.2)
      azure_mgmt_mariadb (~> 0.17.1)
      azure_mgmt_marketplace_ordering (~> 0.17.4)
      azure_mgmt_media_services (~> 0.20.0)
      azure_mgmt_migrate (~> 0.17.0)
      azure_mgmt_mixedreality (~> 0.17.2)
      azure_mgmt_monitor (~> 0.17.5)
      azure_mgmt_msi (~> 0.17.1)
      azure_mgmt_mysql (~> 0.17.0)
      azure_mgmt_netapp (~> 0.19.0)
      azure_mgmt_network (~> 0.23.2)
      azure_mgmt_notification_hubs (~> 0.17.2)
      azure_mgmt_operational_insights (~> 0.17.2)
      azure_mgmt_operations_management (~> 0.17.0)
      azure_mgmt_peering (~> 0.17.0)
      azure_mgmt_policy (~> 0.17.8)
      azure_mgmt_policy_insights (~> 0.17.6)
      azure_mgmt_portal (~> 0.17.0)
      azure_mgmt_postgresql (~> 0.17.1)
      azure_mgmt_powerbi_dedicated (~> 0.17.0)
      azure_mgmt_powerbi_embedded (~> 0.17.1)
      azure_mgmt_privatedns (~> 0.17.1)
      azure_mgmt_recovery_services (~> 0.18.0)
      azure_mgmt_recovery_services_backup (~> 0.18.1)
      azure_mgmt_recovery_services_site_recovery (~> 0.17.2)
      azure_mgmt_redis (~> 0.17.3)
      azure_mgmt_relay (~> 0.17.2)
      azure_mgmt_reservations (~> 0.19.1)
      azure_mgmt_resource_health (~> 0.17.0)
      azure_mgmt_resourcegraph (~> 0.17.1)
      azure_mgmt_resources (~> 0.17.8)
      azure_mgmt_resources_management (~> 0.17.1)
      azure_mgmt_scheduler (~> 0.17.1)
      azure_mgmt_search (~> 0.17.2)
      azure_mgmt_security (~> 0.18.0)
      azure_mgmt_serialconsole (~> 0.17.0)
      azure_mgmt_service_bus (~> 0.17.3)
      azure_mgmt_service_fabric (~> 0.17.2)
      azure_mgmt_signalr (~> 0.17.4)
      azure_mgmt_sql (~> 0.19.0)
      azure_mgmt_sqlvirtualmachine (~> 0.18.1)
      azure_mgmt_stor_simple8000_series (~> 0.17.2)
      azure_mgmt_storage (~> 0.21.0)
      azure_mgmt_storagecache (~> 0.18.0)
      azure_mgmt_storagesync (~> 0.18.0)
      azure_mgmt_stream_analytics (~> 0.17.2)
      azure_mgmt_subscriptions (~> 0.18.2)
      azure_mgmt_support (~> 0.17.0)
      azure_mgmt_synapse (~> 0.17.0)
      azure_mgmt_time_series_insights (~> 0.17.0)
      azure_mgmt_traffic_manager (~> 0.17.2)
      azure_mgmt_vmware_cloudsimple (~> 0.17.0)
      azure_mgmt_web (~> 0.17.5)
      azure_service_fabric (~> 0.18.0)
    azure_service_fabric (0.18.0)
      ms_rest_azure (~> 0.11.1)
    berkshelf (7.0.10)
      chef (>= 13.6.52)
      chef-config
      cleanroom (~> 1.0)
      concurrent-ruby (~> 1.0)
      minitar (>= 0.6)
      mixlib-archive (>= 0.4, < 2.0)
      mixlib-config (>= 2.2.5)
      mixlib-shellout (>= 2.0, < 4.0)
      octokit (~> 4.0)
      retryable (>= 2.0, < 4.0)
      solve (~> 4.0)
      thor (>= 0.20)
    builder (3.2.4)
    chef (14.15.6)
      addressable
      bundler (>= 1.10)
      chef-config (= 14.15.6)
      chef-zero (>= 13.0, < 15.0)
      diff-lcs (~> 1.2, >= 1.2.4)
      erubis (~> 2.7)
      ffi (~> 1.9, >= 1.9.25)
      ffi-yajl (~> 2.2)
      highline (~> 1.6, >= 1.6.9)
      iniparse (~> 1.4)
      mixlib-archive (>= 0.4, < 2.0)
      mixlib-authentication (~> 2.1)
      mixlib-cli (>= 1.7, < 3.0)
      mixlib-log (>= 2.0.3, < 4.0)
      mixlib-shellout (>= 2.4, < 4.0)
      net-sftp (~> 2.1, >= 2.1.2)
      net-ssh (~> 4.2)
      net-ssh-multi (~> 1.2, >= 1.2.1)
      ohai (~> 14.0)
      plist (~> 3.2)
      proxifier (~> 1.0)
      rspec-core (~> 3.5)
      rspec-expectations (~> 3.5)
      rspec-mocks (~> 3.5)
      rspec_junit_formatter (~> 0.2.0)
      serverspec (~> 2.7)
      specinfra (~> 2.10)
      syslog-logger (~> 1.6)
      uuidtools (~> 2.1.5)
    chef-config (14.15.6)
      addressable
      fuzzyurl
      mixlib-config (>= 2.2.12, < 4.0)
      mixlib-shellout (>= 2.0, < 4.0)
      tomlrb (~> 1.2)
    chef-dk (3.2.30)
      addressable (>= 2.3.5, < 2.6)
      chef (~> 14.0)
      chef-provisioning (~> 2.0)
      cookbook-omnifetch (~> 0.5)
      diff-lcs (~> 1.0)
      ffi-yajl (>= 1.0, < 3.0)
      minitar (~> 0.6)
      mixlib-cli (~> 1.7)
      mixlib-shellout (~> 2.0)
      paint (~> 1.0)
      solve (> 2.0, < 5.0)
    chef-provisioning (2.7.6)
      cheffish (>= 4.0, < 15.0)
      inifile (>= 2.0.2)
      mixlib-install (>= 1.0)
      net-scp (~> 1.0)
      net-ssh (>= 2.9, < 5.0)
      net-ssh-gateway (> 1.2, < 3.0)
      winrm (~> 2.0)
      winrm-elevated (~> 1.0)
      winrm-fs (~> 1.0)
    chef-sugar (5.1.9)
    chef-vault (3.4.3)
    chef-zero (14.0.17)
      ffi-yajl (~> 2.2)
      hashie (>= 2.0, < 4.0)
      mixlib-log (>= 2.0, < 4.0)
      rack (~> 2.0, >= 2.0.6)
      uuidtools (~> 2.1)
    cheffish (14.0.13)
      chef-zero (~> 14.0)
      net-ssh
    chronic_duration (0.10.6)
      numerizer (~> 0.1.1)
    cleanroom (1.0.0)
    color (1.8)
    colorize (0.8.1)
    concurrent-ruby (1.1.6)
    cookbook-omnifetch (0.9.1)
      mixlib-archive (>= 0.4, < 2.0)
    cucumber-core (7.0.0)
      cucumber-gherkin (~> 13.0, >= 13.0.0)
      cucumber-messages (~> 12.1, >= 12.1.1)
      cucumber-tag-expressions (~> 2.0, >= 2.0.4)
    cucumber-gherkin (13.0.0)
      cucumber-messages (~> 12.0, >= 12.0.0)
    cucumber-messages (12.1.1)
      protobuf-cucumber (~> 3.10, >= 3.10.8)
    cucumber-tag-expressions (2.0.4)
    daemons (1.3.1)
    declarative (0.0.10)
    declarative-option (0.1.0)
    diff-lcs (1.3)
    domain_name (0.5.20190701)
      unf (>= 0.0.5, < 1.0.0)
    erubi (1.9.0)
    erubis (2.7.0)
    eventmachine (1.2.7)
    faraday (0.17.3)
      multipart-post (>= 1.2, < 3)
    faraday-cookie_jar (0.0.6)
      faraday (>= 0.7.4)
      http-cookie (~> 1.0.0)
    faraday_middleware (0.14.0)
      faraday (>= 0.7.4, < 1.0)
    ffi (1.12.2)
    ffi-libarchive (1.0.0)
      ffi (~> 1.0)
    ffi-yajl (2.3.3)
      libyajl2 (~> 1.2)
    foodcritic (14.1.0)
      cucumber-core (>= 1.3)
      erubis
      ffi-yajl (~> 2.0)
      nokogiri (>= 1.5, < 2.0)
      rake
      rufus-lru (~> 1.0)
      treetop (~> 1.4)
    fuzzyurl (0.9.0)
    google-api-client (0.36.4)
      addressable (~> 2.5, >= 2.5.1)
      googleauth (~> 0.9)
      httpclient (>= 2.8.1, < 3.0)
      mini_mime (~> 1.0)
      representable (~> 3.0)
      retriable (>= 2.0, < 4.0)
      signet (~> 0.12)
    googleauth (0.12.0)
      faraday (>= 0.17.3, < 2.0)
      jwt (>= 1.4, < 3.0)
      memoist (~> 0.16)
      multi_json (~> 1.11)
      os (>= 0.9, < 2.0)
      signet (~> 0.14)
    gssapi (1.3.0)
      ffi (>= 1.0.1)
    gyoku (1.3.1)
      builder (>= 2.1.2)
    hashie (3.6.0)
    highline (1.7.10)
    http-cookie (1.0.3)
      domain_name (~> 0.5)
    httpclient (2.8.3)
    i18n (1.8.2)
      concurrent-ruby (~> 1.0)
    inifile (3.0.0)
    iniparse (1.5.0)
    ipaddress (0.8.3)
    jmespath (1.4.0)
    json-schema (2.8.1)
      addressable (>= 2.4)
    jwt (2.2.1)
    libyajl2 (1.2.0)
    little-plugger (1.1.4)
    logging (2.2.2)
      little-plugger (~> 1.1)
      multi_json (~> 1.10)
    memoist (0.16.2)
    middleware (0.1.0)
    mini_mime (1.0.2)
    mini_portile2 (2.4.0)
    minitar (0.9)
    minitest (5.14.0)
    mixlib-archive (1.0.5)
      mixlib-log
    mixlib-authentication (2.1.1)
    mixlib-cli (1.7.0)
    mixlib-config (3.0.6)
      tomlrb
    mixlib-install (3.12.1)
      mixlib-shellout
      mixlib-versioning
      thor
    mixlib-log (3.0.8)
    mixlib-shellout (2.4.4)
    mixlib-versioning (1.2.12)
    molinillo (0.6.6)
    ms_rest (0.7.6)
      concurrent-ruby (~> 1.0)
      faraday (>= 0.9, < 2.0.0)
      timeliness (~> 0.3.10)
    ms_rest_azure (0.11.2)
      concurrent-ruby (~> 1.0)
      faraday (>= 0.9, < 2.0.0)
      faraday-cookie_jar (~> 0.0.6)
      ms_rest (~> 0.7.6)
      unf_ext (= 0.0.7.2)
    multi_json (1.14.1)
    multipart-post (2.1.1)
    mysql2 (0.5.2)
    net-ldap (0.16.2)
    net-scp (1.2.1)
      net-ssh (>= 2.6.5)
    net-sftp (2.1.2)
      net-ssh (>= 2.6.5)
    net-ssh (4.2.0)
    net-ssh-gateway (2.0.0)
      net-ssh (>= 4.0.0)
    net-ssh-multi (1.2.1)
      net-ssh (>= 2.6.5)
      net-ssh-gateway (>= 1.2.0)
    net-telnet (0.1.1)
    netaddr (2.0.4)
    nokogiri (1.10.9)
      mini_portile2 (~> 2.4.0)
    nori (2.6.0)
    numerizer (0.1.1)
    octokit (4.18.0)
      faraday (>= 0.9)
      sawyer (~> 0.8.0, >= 0.5.3)
    ohai (14.15.0)
      chef-config (>= 12.8, < 15)
      ffi (~> 1.9)
      ffi-yajl (~> 2.2)
      ipaddress
      mixlib-cli (>= 1.7.0)
      mixlib-config (>= 2.0, < 4.0)
      mixlib-log (>= 2.0.1, < 4.0)
      mixlib-shellout (>= 2.0, < 4.0)
      plist (~> 3.1)
      systemu (~> 2.6.4)
      wmi-lite (~> 1.0)
    openssl-oaep (0.1.0)
    optimist (3.0.1)
    os (1.1.0)
    paint (1.0.1)
    parallel (1.19.1)
    parser (2.7.1.2)
      ast (~> 2.4.0)
    plist (3.5.0)
    polyglot (0.3.5)
    protobuf-cucumber (3.10.8)
      activesupport (>= 3.2)
      middleware
      thor
      thread_safe
    proxifier (1.0.3)
    public_suffix (3.1.1)
    rack (2.2.2)
    rainbow (3.0.0)
    rake (13.0.1)
    representable (3.0.4)
      declarative (< 0.1.0)
      declarative-option (< 0.2.0)
      uber (< 0.2.0)
    retriable (3.1.2)
    retryable (3.0.5)
    rexml (3.2.4)
    rspec (3.9.0)
      rspec-core (~> 3.9.0)
      rspec-expectations (~> 3.9.0)
      rspec-mocks (~> 3.9.0)
    rspec-core (3.9.2)
      rspec-support (~> 3.9.3)
    rspec-expectations (3.9.2)
      diff-lcs (>= 1.2.0, < 2.0)
      rspec-support (~> 3.9.0)
    rspec-its (1.3.0)
      rspec-core (>= 3.0.0)
      rspec-expectations (>= 3.0.0)
    rspec-mocks (3.9.1)
      diff-lcs (>= 1.2.0, < 2.0)
      rspec-support (~> 3.9.0)
    rspec-support (3.9.3)
    rspec_junit_formatter (0.2.3)
      builder (< 4)
      rspec-core (>= 2, < 4, != 2.12.0)
    rubocop (0.83.0)
      parallel (~> 1.10)
      parser (>= 2.7.0.1)
      rainbow (>= 2.2.2, < 4.0)
      rexml
      ruby-progressbar (~> 1.7)
      unicode-display_width (>= 1.4.0, < 2.0)
    ruby-graphviz (1.2.5)
      rexml
    ruby-progressbar (1.10.1)
    ruby-wmi (0.4.0)
    rubyntlm (0.6.2)
    rubyzip (2.3.0)
    rufus-lru (1.1.0)
    sawyer (0.8.2)
      addressable (>= 2.3.5)
      faraday (> 0.8, < 2.0)
    semverse (3.0.0)
    serverspec (2.41.5)
      multi_json
      rspec (~> 3.0)
      rspec-its
      specinfra (~> 2.72)
    sfl (2.3)
    signet (0.14.0)
      addressable (~> 2.3)
      faraday (>= 0.17.3, < 2.0)
      jwt (>= 1.5, < 3.0)
      multi_json (~> 1.10)
    simple-password-gen (0.1.5)
    slack-notifier (2.3.2)
    solve (4.0.3)
      molinillo (~> 0.6)
      semverse (>= 1.1, < 4.0)
    specinfra (2.82.16)
      net-scp
      net-ssh (>= 2.7)
      net-telnet (= 0.1.1)
      sfl
    syslog-logger (1.6.8)
    systemu (2.6.5)
    thin (1.7.2)
      daemons (~> 1.0, >= 1.0.9)
      eventmachine (~> 1.0, >= 1.0.4)
      rack (>= 1, < 3)
    thor (1.0.1)
    thread_safe (0.3.6)
    timeliness (0.3.10)
    tomlrb (1.3.0)
    treetop (1.6.10)
      polyglot (~> 0.3)
    tzinfo (1.2.7)
      thread_safe (~> 0.1)
    uber (0.1.0)
    unf (0.1.4)
      unf_ext
    unf_ext (0.0.7.2)
    unicode-display_width (1.7.0)
    uuidtools (2.1.5)
    vsphere-automation-appliance (0.4.6)
      vsphere-automation-cis (~> 0.4.6)
      vsphere-automation-runtime (~> 0.4.6)
    vsphere-automation-cis (0.4.6)
      vsphere-automation-runtime (~> 0.4.6)
    vsphere-automation-content (0.4.6)
      vsphere-automation-cis (~> 0.4.6)
      vsphere-automation-runtime (~> 0.4.6)
    vsphere-automation-runtime (0.4.6)
    vsphere-automation-sdk (0.4.6)
      vsphere-automation-appliance (~> 0.4.6)
      vsphere-automation-cis (~> 0.4.6)
      vsphere-automation-content (~> 0.4.6)
      vsphere-automation-runtime (~> 0.4.6)
      vsphere-automation-vapi (~> 0.4.6)
      vsphere-automation-vcenter (~> 0.4.6)
    vsphere-automation-vapi (0.4.6)
      vsphere-automation-cis (~> 0.4.6)
      vsphere-automation-runtime (~> 0.4.6)
    vsphere-automation-vcenter (0.4.6)
      vsphere-automation-cis (~> 0.4.6)
      vsphere-automation-runtime (~> 0.4.6)
    winrm (2.3.4)
      builder (>= 2.1.2)
      erubi (~> 1.8)
      gssapi (~> 1.2)
      gyoku (~> 1.0)
      httpclient (~> 2.2, >= 2.2.0.2)
      logging (>= 1.6.1, < 3.0)
      nori (~> 2.0)
      rubyntlm (~> 0.6.0, >= 0.6.1)
    winrm-elevated (1.2.1)
      erubi (~> 1.8)
      winrm (~> 2.0)
      winrm-fs (~> 1.0)
    winrm-fs (1.3.4)
      erubi (~> 1.8)
      logging (>= 1.6.1, < 3.0)
      rubyzip (~> 2.0)
      winrm (~> 2.0)
    wmi-lite (1.0.5)
    yard (0.9.25)
    zeitwerk (2.3.0)

PLATFORMS
  ruby

DEPENDENCIES
  berkshelf (~> 7.0)
  chef-dk (~> 3.2.30)
  chef-sugar
  chef-vault (~> 3.4)
  cloud-mu!
  ffi-libarchive
  foodcritic (~> 14.1.0)
  knife-windows!
  mysql2 (<= 0.5.2)
  ruby-wmi

BUNDLED WITH
   1.17.3
