GIT
  remote: https://github.com/eGT-Labs/knife-windows.git
  revision: 0deb5ce9bba6718ebac6bb6c48a1a4b7bdc4b15b
  branch: winrm_cert_auth
  specs:
    knife-windows (1.9.0)
      winrm (~> 2.1)
      winrm-elevated (~> 1.0)

GEM
  remote: https://rubygems.org/
  specs:
    addressable (2.5.2)
      public_suffix (>= 2.0.2, < 4.0)
    ast (2.4.0)
    aws-sdk-core (2.6.50)
      aws-sigv4 (~> 1.0)
      jmespath (~> 1.0)
    aws-sigv4 (1.0.2)
    backports (3.11.1)
    berkshelf (5.6.5)
      addressable (~> 2.3, >= 2.3.4)
      berkshelf-api-client (>= 2.0.2, < 4.0)
      buff-config (~> 2.0)
      buff-extensions (~> 2.0)
      buff-shell_out (~> 1.0)
      cleanroom (~> 1.0)
      faraday (~> 0.9)
      httpclient (~> 2.7)
      minitar (~> 0.5, >= 0.5.4)
      mixlib-archive (~> 0.4)
      octokit (~> 4.0)
      retryable (~> 2.0)
      ridley (~> 5.0)
      solve (> 2.0, < 4.0)
      thor (~> 0.19, < 0.19.2)
    berkshelf-api-client (3.0.0)
      faraday (~> 0.9)
      httpclient (~> 2.7)
      ridley (>= 4.5, < 6.0)
    buff-config (2.0.0)
      buff-extensions (~> 2.0)
      varia_model (~> 0.6)
    buff-extensions (2.0.0)
    buff-ignore (1.2.0)
    buff-ruby_engine (1.0.0)
    buff-shell_out (1.1.0)
      buff-ruby_engine (~> 1.0)
    builder (3.2.3)
    celluloid (0.16.0)
      timers (~> 4.0.0)
    celluloid-io (0.16.2)
      celluloid (>= 0.16.0)
      nio4r (>= 1.1.0)
    chef (12.21.31)
      addressable
      bundler (>= 1.10)
      chef-config (= 12.21.31)
      chef-zero (>= 4.8, < 13)
      diff-lcs (~> 1.2, >= 1.2.4)
      erubis (~> 2.7)
      ffi-yajl (~> 2.2)
      highline (~> 1.6, >= 1.6.9)
      iniparse (~> 1.4)
      mixlib-archive (~> 0.4)
      mixlib-authentication (~> 1.4)
      mixlib-cli (~> 1.7)
      mixlib-log (~> 1.3)
      mixlib-shellout (~> 2.0)
      net-sftp (~> 2.1, >= 2.1.2)
      net-ssh (>= 2.9, < 5.0)
      net-ssh-multi (~> 1.2, >= 1.2.1)
      ohai (>= 8.6.0.alpha.1, < 13)
      plist (~> 3.2)
      proxifier (~> 1.0)
      rspec-core (~> 3.5)
      rspec-expectations (~> 3.5)
      rspec-mocks (~> 3.5)
      rspec_junit_formatter (~> 0.2.0)
      serverspec (~> 2.7)
      specinfra (~> 2.10)
      syslog-logger (~> 1.6)
      uuidtools (~> 2.1.5)
    chef-config (12.21.31)
      addressable
      fuzzyurl
      mixlib-config (~> 2.0)
      mixlib-shellout (~> 2.0)
    chef-sugar (4.0.0)
    chef-vault (2.9.2)
    chef-zero (5.3.2)
      ffi-yajl (~> 2.2)
      hashie (>= 2.0, < 4.0)
      mixlib-log (~> 1.3)
      rack (~> 2.0)
      uuidtools (~> 2.1)
    cleanroom (1.0.0)
    coderay (1.1.2)
    color (1.8)
    colorize (0.8.1)
    cucumber-core (3.1.0)
      backports (>= 3.8.0)
      cucumber-tag_expressions (~> 1.1.0)
      gherkin (>= 5.0.0)
    cucumber-tag_expressions (1.1.1)
    daemons (1.2.6)
    declarative (0.0.10)
    declarative-option (0.1.0)
    diff-lcs (1.3)
    docker-api (1.34.0)
      excon (>= 0.47.0)
      multi_json
    erubis (2.7.0)
    eventmachine (1.2.5)
    excon (0.60.0)
    faraday (0.14.0)
      multipart-post (>= 1.2, < 3)
    ffi (1.9.21)
    ffi-yajl (2.3.1)
      libyajl2 (~> 1.2)
    foodcritic (12.3.0)
      cucumber-core (>= 1.3)
      erubis
      ffi-yajl (~> 2.0)
      nokogiri (>= 1.5, < 2.0)
      rake
      rufus-lru (~> 1.0)
      treetop (~> 1.4)
    fuzzyurl (0.9.0)
    gherkin (5.0.0)
    google-api-client (0.19.6)
      addressable (~> 2.5, >= 2.5.1)
      googleauth (>= 0.5, < 0.7.0)
      httpclient (>= 2.8.1, < 3.0)
      mime-types (~> 3.0)
      representable (~> 3.0)
      retriable (>= 2.0, < 4.0)
    googleauth (0.6.2)
      faraday (~> 0.12)
      jwt (>= 1.4, < 3.0)
      logging (~> 2.0)
      memoist (~> 0.12)
      multi_json (~> 1.11)
      os (~> 0.9)
      signet (~> 0.7)
    gssapi (1.2.0)
      ffi (>= 1.0.1)
    gyoku (1.3.1)
      builder (>= 2.1.2)
    hashie (3.5.7)
    highline (1.7.10)
    hitimes (1.2.6)
    htmlentities (4.3.4)
    httpclient (2.8.3)
    iniparse (1.4.4)
    inspec (1.51.0)
      addressable (~> 2.4)
      faraday (>= 0.9.0)
      hashie (~> 3.4)
      htmlentities
      json (>= 1.8, < 3.0)
      method_source (~> 0.8)
      mixlib-log
      parallel (~> 1.9)
      parslet (~> 1.5)
      pry (~> 0)
      rspec (~> 3)
      rspec-its (~> 1.2)
      rubyzip (~> 1.1)
      semverse
      sslshake (~> 1.2)
      thor (~> 0.19)
      tomlrb (~> 1.2)
      train (~> 0.32)
    ipaddress (0.8.3)
    jmespath (1.3.1)
    json (2.1.0)
    json-schema (2.8.0)
      addressable (>= 2.4)
    jwt (2.1.0)
    libyajl2 (1.2.0)
    little-plugger (1.1.4)
    logging (2.2.2)
      little-plugger (~> 1.1)
      multi_json (~> 1.10)
    memoist (0.16.0)
    method_source (0.9.0)
    mime-types (3.1)
      mime-types-data (~> 3.2015)
    mime-types-data (3.2016.0521)
    mini_portile2 (2.1.0)
    minitar (0.6.1)
    mixlib-archive (0.4.1)
      mixlib-log
    mixlib-authentication (1.4.2)
    mixlib-cli (1.7.0)
    mixlib-config (2.2.5)
    mixlib-log (1.7.1)
    mixlib-shellout (2.3.2)
    molinillo (0.5.7)
    multi_json (1.13.1)
    multipart-post (2.0.0)
    mysql (2.9.1)
    net-ldap (0.16.1)
    net-scp (1.2.1)
      net-ssh (>= 2.6.5)
    net-sftp (2.1.2)
      net-ssh (>= 2.6.5)
    net-ssh (3.2.0)
    net-ssh-gateway (1.3.0)
      net-ssh (>= 2.6.5)
    net-ssh-multi (1.2.1)
      net-ssh (>= 2.6.5)
      net-ssh-gateway (>= 1.2.0)
    net-telnet (0.1.1)
    netaddr (1.5.1)
    nio4r (2.2.0)
    nokogiri (1.6.8.1)
      mini_portile2 (~> 2.1.0)
    nori (2.6.0)
    octokit (4.8.0)
      sawyer (~> 0.8.0, >= 0.5.3)
    ohai (8.26.1)
      chef-config (>= 12.5.0.alpha.1, < 14)
      ffi (~> 1.9)
      ffi-yajl (~> 2.2)
      ipaddress
      mixlib-cli
      mixlib-config (~> 2.0)
      mixlib-log (>= 1.7.1, < 2.0)
      mixlib-shellout (~> 2.0)
      plist (~> 3.1)
      systemu (~> 2.6.4)
      wmi-lite (~> 1.0)
    os (0.9.6)
    parallel (1.12.1)
    parser (2.4.0.2)
      ast (~> 2.3)
    parslet (1.8.2)
    pg (0.21.0)
    plist (3.4.0)
    polyglot (0.3.5)
    powerpack (0.1.1)
    proxifier (1.0.3)
    pry (0.11.3)
      coderay (~> 1.1.0)
      method_source (~> 0.9.0)
    public_suffix (3.0.2)
    rack (2.0.4)
    rainbow (3.0.0)
    rake (12.3.0)
    representable (3.0.4)
      declarative (< 0.1.0)
      declarative-option (< 0.2.0)
      uber (< 0.2.0)
    retriable (3.1.1)
    retryable (2.0.4)
    ridley (5.1.1)
      addressable
      buff-config (~> 2.0)
      buff-extensions (~> 2.0)
      buff-ignore (~> 1.2)
      buff-shell_out (~> 1.0)
      celluloid (~> 0.16.0)
      celluloid-io (~> 0.16.1)
      chef-config (>= 12.5.0)
      erubis
      faraday (~> 0.9)
      hashie (>= 2.0.2, < 4.0.0)
      httpclient (~> 2.7)
      json (>= 1.7.7)
      mixlib-authentication (>= 1.3.0)
      retryable (~> 2.0)
      semverse (~> 2.0)
      varia_model (~> 0.6)
    rspec (3.7.0)
      rspec-core (~> 3.7.0)
      rspec-expectations (~> 3.7.0)
      rspec-mocks (~> 3.7.0)
    rspec-core (3.7.1)
      rspec-support (~> 3.7.0)
    rspec-expectations (3.7.0)
      diff-lcs (>= 1.2.0, < 2.0)
      rspec-support (~> 3.7.0)
    rspec-its (1.2.0)
      rspec-core (>= 3.0.0)
      rspec-expectations (>= 3.0.0)
    rspec-mocks (3.7.0)
      diff-lcs (>= 1.2.0, < 2.0)
      rspec-support (~> 3.7.0)
    rspec-support (3.7.1)
    rspec_junit_formatter (0.2.3)
      builder (< 4)
      rspec-core (>= 2, < 4, != 2.12.0)
    rubocop (0.52.1)
      parallel (~> 1.10)
      parser (>= 2.4.0.2, < 3.0)
      powerpack (~> 0.1)
      rainbow (>= 2.2.2, < 4.0)
      ruby-progressbar (~> 1.7)
      unicode-display_width (~> 1.0, >= 1.0.1)
    ruby-graphviz (1.2.3)
    ruby-progressbar (1.9.0)
    ruby-wmi (0.4.0)
    rubyntlm (0.6.2)
    rubyzip (1.2.1)
    rufus-lru (1.1.0)
    sawyer (0.8.1)
      addressable (>= 2.3.5, < 2.6)
      faraday (~> 0.8, < 1.0)
    semverse (2.0.0)
    serverspec (2.41.3)
      multi_json
      rspec (~> 3.0)
      rspec-its
      specinfra (~> 2.72)
    sfl (2.3)
    signet (0.8.1)
      addressable (~> 2.3)
      faraday (~> 0.9)
      jwt (>= 1.5, < 3.0)
      multi_json (~> 1.10)
    simple-password-gen (0.1.5)
    solve (3.1.1)
      molinillo (>= 0.5)
      semverse (>= 1.1, < 3.0)
    specinfra (2.73.2)
      net-scp
      net-ssh (>= 2.7, < 5.0)
      net-telnet
      sfl
    sslshake (1.2.0)
    syslog-logger (1.6.8)
    systemu (2.6.5)
    thin (1.7.2)
      daemons (~> 1.0, >= 1.0.9)
      eventmachine (~> 1.0, >= 1.0.4)
      rack (>= 1, < 3)
    thor (0.19.1)
    timers (4.0.4)
      hitimes
    tomlrb (1.2.6)
    train (0.32.0)
      docker-api (~> 1.26)
      json (>= 1.8, < 3.0)
      mixlib-shellout (~> 2.0)
      net-scp (~> 1.2)
      net-ssh (>= 2.9, < 5.0)
      winrm (~> 2.0)
      winrm-fs (~> 1.0)
    treetop (1.6.9)
      polyglot (~> 0.3)
    trollop (2.1.2)
    uber (0.1.0)
    unicode-display_width (1.3.0)
    uuidtools (2.1.5)
    varia_model (0.6.0)
      buff-extensions (~> 2.0)
      hashie (>= 2.0.2, < 4.0.0)
    winrm (2.2.3)
      builder (>= 2.1.2)
      erubis (~> 2.7)
      gssapi (~> 1.2)
      gyoku (~> 1.0)
      httpclient (~> 2.2, >= 2.2.0.2)
      logging (>= 1.6.1, < 3.0)
      nori (~> 2.0)
      rubyntlm (~> 0.6.0, >= 0.6.1)
    winrm-elevated (1.1.0)
      winrm (~> 2.0)
      winrm-fs (~> 1.0)
    winrm-fs (1.2.0)
      erubis (~> 2.7)
      logging (>= 1.6.1, < 3.0)
      rubyzip (~> 1.1)
      winrm (~> 2.0)
    wmi-lite (1.0.0)
    yard (0.9.12)

PLATFORMS
  ruby

DEPENDENCIES
  aws-sdk-core (~> 2.6.42)
  berkshelf (< 6)
  chef (~> 12.21.14)
  chef-sugar
  chef-vault (< 3)
  chef-zero (< 13)
  color
  colorize
  foodcritic (= 12.3.0)
  google-api-client (~> 0.19.5)
  googleauth
  inspec (= 1.51.0)
  json-schema
  knife-windows!
  molinillo (< 0.6.0)
  mysql
  net-ldap
  net-ssh (~> 3.2.0)
  netaddr (< 2.0)
  nokogiri (~> 1.6.8)
  pg (< 1.0)
  rack
  rubocop (= 0.52.1)
  ruby-graphviz (~> 1.2.3)
  ruby-wmi
  simple-password-gen
  solve (>= 3.1.1)
  thin
  trollop (~> 2.1.2)
  winrm (= 2.2.3)
  yard

BUNDLED WITH
   1.16.1
