GEM
  remote: https://rubygems.org/
  specs:
    addressable (2.3.6)
    akami (1.2.2)
      gyoku (>= 0.4.0)
      nokogiri
    aws-sdk-core (2.0.40)
      builder (~> 3.0)
      jmespath (~> 1.0)
      multi_json (~> 1.0)
      multi_xml (~> 0.5)
    berkshelf (3.2.0)
      addressable (~> 2.3.4)
      berkshelf-api-client (~> 1.2)
      buff-config (~> 1.0)
      buff-extensions (~> 1.0)
      buff-shell_out (~> 0.1)
      celluloid (~> 0.16.0)
      celluloid-io (~> 0.16.1)
      cleanroom (~> 1.0)
      faraday (~> 0.9.0)
      minitar (~> 0.5.4)
      octokit (~> 3.0)
      retryable (~> 1.3.3)
      ridley (~> 4.0)
      solve (~> 1.1)
      thor (~> 0.19)
    berkshelf-api-client (1.2.0)
      faraday (~> 0.9.0)
    buff-config (1.0.1)
      buff-extensions (~> 1.0)
      varia_model (~> 0.4)
    buff-extensions (1.0.0)
    buff-ignore (1.1.1)
    buff-ruby_engine (0.1.0)
    buff-shell_out (0.2.0)
      buff-ruby_engine (~> 0.1.0)
    builder (3.2.2)
    celluloid (0.16.0)
      timers (~> 4.0.0)
    celluloid-io (0.16.1)
      celluloid (>= 0.16.0)
      nio4r (>= 1.0.0)
    chef (12.3.0)
      chef-zero (~> 3.2)
      diff-lcs (~> 1.2, >= 1.2.4)
      erubis (~> 2.7)
      ffi-yajl (~> 1.2)
      highline (~> 1.6, >= 1.6.9)
      mixlib-authentication (~> 1.3)
      mixlib-cli (~> 1.4)
      mixlib-config (~> 2.0)
      mixlib-log (~> 1.3)
      mixlib-shellout (>= 2.0.0.rc.0, < 3.0)
      net-ssh (~> 2.6)
      net-ssh-multi (~> 1.1)
      ohai (~> 8.0)
      plist (~> 3.1.0)
      pry (~> 0.9)
    chef-vault (2.5.0)
    chef-zero (3.2.1)
      ffi-yajl (~> 1.1)
      hashie (~> 2.0)
      mixlib-log (~> 1.3)
      rack
      uuidtools (~> 2.1)
    cleanroom (1.0.0)
    coderay (1.1.0)
    color (1.7.1)
    colorize (0.7.3)
    daemons (1.1.9)
    dep-selector-libgecode (1.0.2)
    dep_selector (1.0.3)
      dep-selector-libgecode (~> 1.0)
      ffi (~> 1.9)
    diff-lcs (1.2.5)
    em-winrm (0.6.0)
      eventmachine (~> 1.0.0)
      mixlib-log (>= 1.3.0)
      uuidtools (~> 2.1.1)
      winrm (~> 1.2.0)
    erubis (2.7.0)
    eventmachine (1.0.3)
    faraday (0.9.0)
      multipart-post (>= 1.2, < 3)
    ffi (1.9.6)
    ffi-yajl (1.3.1)
      ffi (~> 1.5)
      libyajl2 (~> 1.2)
    fileutils (0.7)
      rmagick (>= 2.13.1)
    gssapi (1.0.3)
      ffi (>= 1.0.1)
    gyoku (1.2.2)
      builder (>= 2.1.2)
    hashie (2.1.2)
    highline (1.6.21)
    hitimes (1.2.2)
    httpclient (2.5.3.2)
    httpi (0.9.7)
      rack
    ipaddress (0.8.0)
    jmespath (1.0.1)
      multi_json (~> 1.0)
    json (1.8.1)
    json-schema (2.4.1)
    knife-windows (0.8.2)
      em-winrm (~> 0.6)
      winrm-s (~> 0.2)
    libyajl2 (1.2.0)
    little-plugger (1.1.3)
    logging (1.8.2)
      little-plugger (>= 1.1.3)
      multi_json (>= 1.8.4)
    method_source (0.8.2)
    mime-types (1.25.1)
    mini_portile (0.6.1)
    minitar (0.5.4)
    mixlib-authentication (1.3.0)
      mixlib-log
    mixlib-cli (1.5.0)
    mixlib-config (2.1.0)
    mixlib-log (1.6.0)
    mixlib-shellout (2.0.1)
    multi_json (1.10.1)
    multi_xml (0.5.5)
    multipart-post (2.0.0)
    mysql (2.9.1)
    net-dhcp (1.3.2)
    net-http-persistent (2.9.4)
    net-ssh (2.9.1)
    net-ssh-gateway (1.2.0)
      net-ssh (>= 2.6.5)
    net-ssh-multi (1.2.0)
      net-ssh (>= 2.6.5)
      net-ssh-gateway (>= 1.2.0)
    netaddr (1.5.0)
    nio4r (1.0.1)
    nokogiri (1.6.4)
      mini_portile (~> 0.6.0)
    nori (1.1.5)
    octokit (3.5.2)
      sawyer (~> 0.5.3)
    ohai (8.0.1)
      ffi (~> 1.9)
      ffi-yajl (~> 1.1)
      ipaddress
      mime-types (~> 1.16)
      mixlib-cli
      mixlib-config (~> 2.0)
      mixlib-log
      mixlib-shellout (~> 2.0)
      net-dhcp
      rake (~> 10.1)
      systemu (~> 2.6.4)
      wmi-lite (~> 1.0)
    pg (0.17.1)
    plist (3.1.0)
    pry (0.10.1)
      coderay (~> 1.1.0)
      method_source (~> 0.8.1)
      slop (~> 3.4)
    rack (1.5.2)
    rake (10.4.2)
    retryable (1.3.6)
    ridley (4.1.0)
      addressable
      buff-config (~> 1.0)
      buff-extensions (~> 1.0)
      buff-ignore (~> 1.1)
      buff-shell_out (~> 0.1)
      celluloid (~> 0.16.0)
      celluloid-io (~> 0.16.1)
      erubis
      faraday (~> 0.9.0)
      hashie (>= 2.0.2, < 3.0.0)
      json (>= 1.7.7)
      mixlib-authentication (>= 1.3.0)
      net-http-persistent (>= 2.8)
      retryable
      semverse (~> 1.1)
      varia_model (~> 0.4)
    rmagick (2.13.3)
    ruby-wmi (0.4.0)
    rubyntlm (0.1.1)
    savon (0.9.5)
      akami (~> 1.0)
      builder (>= 2.1.2)
      gyoku (>= 0.4.0)
      httpi (~> 0.9)
      nokogiri (>= 1.4.0)
      nori (~> 1.0)
      wasabi (~> 1.0)
    sawyer (0.5.5)
      addressable (~> 2.3.5)
      faraday (~> 0.8, < 0.10)
    semverse (1.2.1)
    simple-password-gen (0.1.5)
    slop (3.6.0)
    solve (1.2.1)
      dep_selector (~> 1.0)
      semverse (~> 1.1)
    systemu (2.6.4)
    thin (1.6.3)
      daemons (~> 1.0, >= 1.0.9)
      eventmachine (~> 1.0)
      rack (~> 1.0)
    thor (0.19.1)
    timers (4.0.1)
      hitimes
    trollop (2.0)
    uuidtools (2.1.5)
    varia_model (0.4.0)
      buff-extensions (~> 1.0)
      hashie (>= 2.0.2, < 3.0.0)
    wasabi (1.0.0)
      nokogiri (>= 1.4.0)
    winrm (1.2.0)
      gssapi (~> 1.0.0)
      httpclient (~> 2.2, >= 2.2.0.2)
      logging (~> 1.6, >= 1.6.1)
      nokogiri (~> 1.5)
      rubyntlm (~> 0.1.1)
      savon (= 0.9.5)
      uuidtools (~> 2.1.2)
    winrm-s (0.2.2)
      winrm (~> 1.2.0)
    wmi-lite (1.0.0)
    yard (0.8.7.6)

PLATFORMS
  ruby

DEPENDENCIES
  aws-sdk-core (~> 2.0.40)
  berkshelf
  chef (~> 12.3.0)
  chef-vault
  color
  colorize
  fileutils
  json-schema
  knife-windows (= 0.8.2)
  mysql
  net-ssh
  netaddr
  pg
  rack
  ruby-wmi
  simple-password-gen
  thin
  trollop
  yard
