GIT
  remote: https://github.com/eGT-Labs/knife-windows.git
  revision: d9ed1c2da3fa60a6adaa4e3089cbab32a5999e93
  branch: winrm_cert_auth
  specs:
    knife-windows (2.0.3)
      winrm (~> 2.1)
      winrm-elevated (~> 1.0)

PATH
  remote: ..
  specs:
    cloud-mu (2.1.0alpha)
      addressable (~> 2.5)
      aws-sdk-core (< 3)
      azure_sdk (~> 0.26.1)
      bundler (~> 1.17)
      chronic_duration (~> 0.10)
      color (~> 1.8)
      colorize (~> 0.8)
      erubis (~> 2.7)
      google-api-client (~> 0.28.4)
      googleauth (~> 0.6)
      inifile (~> 3.0)
      json-schema (~> 2.8)
      net-ldap (~> 0.16)
      net-ssh (~> 4.2)
      net-ssh-multi (~> 1.2, >= 1.2.1)
      netaddr (~> 2.0)
      nokogiri (~> 1.8)
      optimist (~> 3.0)
      rubocop (~> 0.58)
      ruby-graphviz (~> 1.2)
      simple-password-gen (~> 0.1)
      slack-notifier (~> 2.3)
      solve (~> 4.0)
      yard (~> 0.9)

GEM
  remote: https://rubygems.org/
  specs:
    addressable (2.5.2)
      public_suffix (>= 2.0.2, < 4.0)
    ast (2.4.0)
    aws-eventstream (1.0.3)
    aws-sdk-core (2.11.292)
      aws-sigv4 (~> 1.0)
      jmespath (~> 1.0)
    aws-sigv4 (1.1.0)
      aws-eventstream (~> 1.0, >= 1.0.2)
    azure-core (0.1.15)
      faraday (~> 0.9)
      faraday_middleware (~> 0.10)
      nokogiri (~> 1.6)
    azure-storage (0.14.0.preview)
      azure-core (~> 0.1)
      faraday (~> 0.9)
      faraday_middleware (~> 0.10)
      nokogiri (~> 1.6, >= 1.6.8)
    azure_cognitiveservices_computervision (0.19.0)
      ms_rest_azure (~> 0.11.0)
    azure_cognitiveservices_contentmoderator (0.17.2)
      ms_rest_azure (~> 0.11.0)
    azure_cognitiveservices_customsearch (0.18.1)
      ms_rest_azure (~> 0.11.0)
    azure_cognitiveservices_entitysearch (0.18.1)
      ms_rest_azure (~> 0.11.0)
    azure_cognitiveservices_face (0.18.0)
      ms_rest_azure (~> 0.11.0)
    azure_cognitiveservices_imagesearch (0.18.1)
      ms_rest_azure (~> 0.11.0)
    azure_cognitiveservices_newssearch (0.18.1)
      ms_rest_azure (~> 0.11.0)
    azure_cognitiveservices_spellcheck (0.18.1)
      ms_rest_azure (~> 0.11.0)
    azure_cognitiveservices_textanalytics (0.17.3)
      ms_rest_azure (~> 0.11.0)
    azure_cognitiveservices_videosearch (0.18.1)
      ms_rest_azure (~> 0.11.0)
    azure_cognitiveservices_websearch (0.18.1)
      ms_rest_azure (~> 0.11.0)
    azure_event_grid (0.18.0)
      ms_rest_azure (~> 0.11.1)
    azure_graph_rbac (0.17.1)
      ms_rest_azure (~> 0.11.0)
    azure_key_vault (0.17.3)
      ms_rest_azure (~> 0.11.0)
    azure_mgmt_analysis_services (0.17.2)
      ms_rest_azure (~> 0.11.0)
    azure_mgmt_api_management (0.18.3)
      ms_rest_azure (~> 0.11.0)
    azure_mgmt_authorization (0.18.4)
      ms_rest_azure (~> 0.11.0)
    azure_mgmt_automation (0.17.2)
      ms_rest_azure (~> 0.11.0)
    azure_mgmt_batch (0.17.2)
      ms_rest_azure (~> 0.11.0)
    azure_mgmt_billing (0.17.2)
      ms_rest_azure (~> 0.11.0)
    azure_mgmt_cdn (0.17.3)
      ms_rest_azure (~> 0.11.0)
    azure_mgmt_cognitive_services (0.18.2)
      ms_rest_azure (~> 0.11.0)
    azure_mgmt_commerce (0.17.1)
      ms_rest_azure (~> 0.11.0)
    azure_mgmt_compute (0.18.7)
      ms_rest_azure (~> 0.11.1)
    azure_mgmt_consumption (0.17.2)
      ms_rest_azure (~> 0.11.0)
    azure_mgmt_container_instance (0.17.4)
      ms_rest_azure (~> 0.11.0)
    azure_mgmt_container_registry (0.18.2)
      ms_rest_azure (~> 0.11.0)
    azure_mgmt_container_service (0.18.5)
      ms_rest_azure (~> 0.11.0)
    azure_mgmt_customer_insights (0.17.2)
      ms_rest_azure (~> 0.11.0)
    azure_mgmt_datalake_analytics (0.17.2)
      ms_rest_azure (~> 0.11.0)
    azure_mgmt_datalake_store (0.17.2)
      ms_rest_azure (~> 0.11.0)
    azure_mgmt_dev_spaces (0.17.2)
      ms_rest_azure (~> 0.11.0)
    azure_mgmt_devtestlabs (0.17.3)
      ms_rest_azure (~> 0.11.0)
    azure_mgmt_dns (0.17.4)
      ms_rest_azure (~> 0.11.0)
    azure_mgmt_event_grid (0.17.6)
      ms_rest_azure (~> 0.11.1)
    azure_mgmt_event_hub (0.17.3)
      ms_rest_azure (~> 0.11.0)
    azure_mgmt_features (0.17.2)
      ms_rest_azure (~> 0.11.0)
    azure_mgmt_iot_central (0.17.3)
      ms_rest_azure (~> 0.11.0)
    azure_mgmt_iot_hub (0.17.3)
      ms_rest_azure (~> 0.11.1)
    azure_mgmt_key_vault (0.17.4)
      ms_rest_azure (~> 0.11.0)
    azure_mgmt_links (0.17.2)
      ms_rest_azure (~> 0.11.0)
    azure_mgmt_locks (0.17.3)
      ms_rest_azure (~> 0.11.0)
    azure_mgmt_logic (0.18.1)
      ms_rest_azure (~> 0.11.0)
    azure_mgmt_machine_learning (0.17.2)
      ms_rest_azure (~> 0.11.0)
    azure_mgmt_managed_applications (0.17.2)
      ms_rest_azure (~> 0.11.0)
    azure_mgmt_marketplace_ordering (0.17.4)
      ms_rest_azure (~> 0.11.0)
    azure_mgmt_media_services (0.19.0)
      ms_rest_azure (~> 0.11.0)
    azure_mgmt_monitor (0.17.4)
      ms_rest_azure (~> 0.11.0)
    azure_mgmt_msi (0.17.1)
      ms_rest_azure (~> 0.11.0)
    azure_mgmt_network (0.18.8)
      ms_rest_azure (~> 0.11.1)
    azure_mgmt_notification_hubs (0.17.2)
      ms_rest_azure (~> 0.11.0)
    azure_mgmt_operational_insights (0.17.2)
      ms_rest_azure (~> 0.11.0)
    azure_mgmt_policy (0.17.4)
      ms_rest_azure (~> 0.11.0)
    azure_mgmt_policy_insights (0.17.4)
      ms_rest_azure (~> 0.11.0)
    azure_mgmt_powerbi_embedded (0.17.1)
      ms_rest_azure (~> 0.11.0)
    azure_mgmt_recovery_services (0.17.3)
      ms_rest_azure (~> 0.11.0)
    azure_mgmt_recovery_services_backup (0.17.2)
      ms_rest_azure (~> 0.11.0)
    azure_mgmt_recovery_services_site_recovery (0.17.2)
      ms_rest_azure (~> 0.11.0)
    azure_mgmt_redis (0.17.3)
      ms_rest_azure (~> 0.11.0)
    azure_mgmt_relay (0.17.2)
      ms_rest_azure (~> 0.11.0)
    azure_mgmt_resources (0.17.5)
      ms_rest_azure (~> 0.11.1)
    azure_mgmt_resources_management (0.17.1)
      ms_rest_azure (~> 0.11.0)
    azure_mgmt_scheduler (0.17.1)
      ms_rest_azure (~> 0.11.0)
    azure_mgmt_search (0.17.2)
      ms_rest_azure (~> 0.11.0)
    azure_mgmt_security (0.17.2)
      ms_rest_azure (~> 0.11.0)
    azure_mgmt_service_bus (0.17.3)
      ms_rest_azure (~> 0.11.0)
    azure_mgmt_service_fabric (0.17.2)
      ms_rest_azure (~> 0.11.0)
    azure_mgmt_signalr (0.17.3)
      ms_rest_azure (~> 0.11.0)
    azure_mgmt_sql (0.17.3)
      ms_rest_azure (~> 0.11.0)
    azure_mgmt_stor_simple8000_series (0.17.2)
      ms_rest_azure (~> 0.11.0)
    azure_mgmt_storage (0.17.10)
      ms_rest_azure (~> 0.11.1)
    azure_mgmt_stream_analytics (0.17.2)
      ms_rest_azure (~> 0.11.0)
    azure_mgmt_subscriptions (0.17.3)
      ms_rest_azure (~> 0.11.0)
    azure_mgmt_traffic_manager (0.17.2)
      ms_rest_azure (~> 0.11.0)
    azure_mgmt_web (0.17.4)
      ms_rest_azure (~> 0.11.0)
    azure_sdk (0.26.1)
      azure-storage (~> 0.14.0.preview)
      azure_cognitiveservices_computervision (~> 0.19.0)
      azure_cognitiveservices_contentmoderator (~> 0.17.2)
      azure_cognitiveservices_customsearch (~> 0.18.1)
      azure_cognitiveservices_entitysearch (~> 0.18.1)
      azure_cognitiveservices_face (~> 0.18.0)
      azure_cognitiveservices_imagesearch (~> 0.18.1)
      azure_cognitiveservices_newssearch (~> 0.18.1)
      azure_cognitiveservices_spellcheck (~> 0.18.1)
      azure_cognitiveservices_textanalytics (~> 0.17.3)
      azure_cognitiveservices_videosearch (~> 0.18.1)
      azure_cognitiveservices_websearch (~> 0.18.1)
      azure_event_grid (~> 0.18.0)
      azure_graph_rbac (~> 0.17.1)
      azure_key_vault (~> 0.17.3)
      azure_mgmt_analysis_services (~> 0.17.2)
      azure_mgmt_api_management (~> 0.18.3)
      azure_mgmt_authorization (~> 0.18.4)
      azure_mgmt_automation (~> 0.17.2)
      azure_mgmt_batch (~> 0.17.2)
      azure_mgmt_billing (~> 0.17.2)
      azure_mgmt_cdn (~> 0.17.3)
      azure_mgmt_cognitive_services (~> 0.18.2)
      azure_mgmt_commerce (~> 0.17.1)
      azure_mgmt_compute (~> 0.18.7)
      azure_mgmt_consumption (~> 0.17.2)
      azure_mgmt_container_instance (~> 0.17.4)
      azure_mgmt_container_registry (~> 0.18.2)
      azure_mgmt_container_service (~> 0.18.5)
      azure_mgmt_customer_insights (~> 0.17.2)
      azure_mgmt_datalake_analytics (~> 0.17.2)
      azure_mgmt_datalake_store (~> 0.17.2)
      azure_mgmt_dev_spaces (~> 0.17.2)
      azure_mgmt_devtestlabs (~> 0.17.3)
      azure_mgmt_dns (~> 0.17.4)
      azure_mgmt_event_grid (~> 0.17.6)
      azure_mgmt_event_hub (~> 0.17.3)
      azure_mgmt_features (~> 0.17.2)
      azure_mgmt_iot_central (~> 0.17.3)
      azure_mgmt_iot_hub (~> 0.17.3)
      azure_mgmt_key_vault (~> 0.17.4)
      azure_mgmt_links (~> 0.17.2)
      azure_mgmt_locks (~> 0.17.3)
      azure_mgmt_logic (~> 0.18.1)
      azure_mgmt_machine_learning (~> 0.17.2)
      azure_mgmt_managed_applications (~> 0.17.2)
      azure_mgmt_marketplace_ordering (~> 0.17.4)
      azure_mgmt_media_services (~> 0.19.0)
      azure_mgmt_monitor (~> 0.17.4)
      azure_mgmt_msi (~> 0.17.1)
      azure_mgmt_network (~> 0.18.8)
      azure_mgmt_notification_hubs (~> 0.17.2)
      azure_mgmt_operational_insights (~> 0.17.2)
      azure_mgmt_policy (~> 0.17.4)
      azure_mgmt_policy_insights (~> 0.17.4)
      azure_mgmt_powerbi_embedded (~> 0.17.1)
      azure_mgmt_recovery_services (~> 0.17.3)
      azure_mgmt_recovery_services_backup (~> 0.17.2)
      azure_mgmt_recovery_services_site_recovery (~> 0.17.2)
      azure_mgmt_redis (~> 0.17.3)
      azure_mgmt_relay (~> 0.17.2)
      azure_mgmt_resources (~> 0.17.5)
      azure_mgmt_resources_management (~> 0.17.1)
      azure_mgmt_scheduler (~> 0.17.1)
      azure_mgmt_search (~> 0.17.2)
      azure_mgmt_security (~> 0.17.2)
      azure_mgmt_service_bus (~> 0.17.3)
      azure_mgmt_service_fabric (~> 0.17.2)
      azure_mgmt_signalr (~> 0.17.3)
      azure_mgmt_sql (~> 0.17.3)
      azure_mgmt_stor_simple8000_series (~> 0.17.2)
      azure_mgmt_storage (~> 0.17.10)
      azure_mgmt_stream_analytics (~> 0.17.2)
      azure_mgmt_subscriptions (~> 0.17.3)
      azure_mgmt_traffic_manager (~> 0.17.2)
      azure_mgmt_web (~> 0.17.4)
    backports (3.15.0)
    berkshelf (7.0.8)
      chef (>= 13.6.52)
      chef-config
      cleanroom (~> 1.0)
      concurrent-ruby (~> 1.0)
      minitar (>= 0.6)
      mixlib-archive (>= 0.4, < 2.0)
      mixlib-config (>= 2.2.5)
      mixlib-shellout (>= 2.0, < 4.0)
      octokit (~> 4.0)
      retryable (>= 2.0, < 4.0)
      solve (~> 4.0)
      thor (>= 0.20)
    builder (3.2.3)
    c21e (1.1.9)
    chef (14.13.11)
      addressable
      bundler (>= 1.10)
      chef-config (= 14.13.11)
      chef-zero (>= 13.0)
      diff-lcs (~> 1.2, >= 1.2.4)
      erubis (~> 2.7)
      ffi (~> 1.9, >= 1.9.25)
      ffi-yajl (~> 2.2)
      highline (~> 1.6, >= 1.6.9)
      iniparse (~> 1.4)
      mixlib-archive (>= 0.4, < 2.0)
      mixlib-authentication (~> 2.1)
      mixlib-cli (>= 1.7, < 3.0)
      mixlib-log (>= 2.0.3, < 4.0)
      mixlib-shellout (>= 2.4, < 4.0)
      net-sftp (~> 2.1, >= 2.1.2)
      net-ssh (~> 4.2)
      net-ssh-multi (~> 1.2, >= 1.2.1)
      ohai (~> 14.0)
      plist (~> 3.2)
      proxifier (~> 1.0)
      rspec-core (~> 3.5)
      rspec-expectations (~> 3.5)
      rspec-mocks (~> 3.5)
      rspec_junit_formatter (~> 0.2.0)
      serverspec (~> 2.7)
      specinfra (~> 2.10)
      syslog-logger (~> 1.6)
      uuidtools (~> 2.1.5)
    chef-config (14.13.11)
      addressable
      fuzzyurl
      mixlib-config (>= 2.2.12, < 4.0)
      mixlib-shellout (>= 2.0, < 4.0)
      tomlrb (~> 1.2)
    chef-dk (3.2.30)
      addressable (>= 2.3.5, < 2.6)
      chef (~> 14.0)
      chef-provisioning (~> 2.0)
      cookbook-omnifetch (~> 0.5)
      diff-lcs (~> 1.0)
      ffi-yajl (>= 1.0, < 3.0)
      minitar (~> 0.6)
      mixlib-cli (~> 1.7)
      mixlib-shellout (~> 2.0)
      paint (~> 1.0)
      solve (> 2.0, < 5.0)
    chef-provisioning (2.7.6)
      cheffish (>= 4.0, < 15.0)
      inifile (>= 2.0.2)
      mixlib-install (>= 1.0)
      net-scp (~> 1.0)
      net-ssh (>= 2.9, < 5.0)
      net-ssh-gateway (> 1.2, < 3.0)
      winrm (~> 2.0)
      winrm-elevated (~> 1.0)
      winrm-fs (~> 1.0)
    chef-sugar (5.0.1)
    chef-vault (3.3.0)
    chef-zero (14.0.12)
      ffi-yajl (~> 2.2)
      hashie (>= 2.0, < 4.0)
      mixlib-log (>= 2.0, < 4.0)
      rack (~> 2.0, >= 2.0.6)
      uuidtools (~> 2.1)
    cheffish (14.0.4)
      chef-zero (~> 14.0)
      net-ssh
    chronic_duration (0.10.6)
      numerizer (~> 0.1.1)
    cleanroom (1.0.0)
    color (1.8)
    colorize (0.8.1)
    concurrent-ruby (1.1.5)
    cookbook-omnifetch (0.8.1)
      mixlib-archive (>= 0.4, < 2.0)
    cucumber-core (4.0.0)
      backports (>= 3.8.0)
      cucumber-tag_expressions (~> 1.1.0)
      gherkin (~> 6.0)
    cucumber-messages (2.1.2)
      google-protobuf (>= 3.2, <= 3.7)
    cucumber-tag_expressions (1.1.1)
    daemons (1.3.1)
    declarative (0.0.10)
    declarative-option (0.1.0)
    diff-lcs (1.3)
    domain_name (0.5.20180417)
      unf (>= 0.0.5, < 1.0.0)
    erubis (2.7.0)
    eventmachine (1.2.7)
    faraday (0.15.4)
      multipart-post (>= 1.2, < 3)
    faraday-cookie_jar (0.0.6)
      faraday (>= 0.7.4)
      http-cookie (~> 1.0.0)
    faraday_middleware (0.13.1)
      faraday (>= 0.7.4, < 1.0)
    ffi (1.11.1)
    ffi-libarchive (0.4.6)
      ffi (~> 1.0)
    ffi-yajl (2.3.1)
      libyajl2 (~> 1.2)
    foodcritic (14.1.0)
      cucumber-core (>= 1.3)
      erubis
      ffi-yajl (~> 2.0)
      nokogiri (>= 1.5, < 2.0)
      rake
      rufus-lru (~> 1.0)
      treetop (~> 1.4)
    fuzzyurl (0.9.0)
    gherkin (6.0.17)
      c21e (~> 1.1.9)
      cucumber-messages (~> 2.1.2)
    google-api-client (0.28.7)
      addressable (~> 2.5, >= 2.5.1)
      googleauth (>= 0.5, < 0.10.0)
      httpclient (>= 2.8.1, < 3.0)
      mime-types (~> 3.0)
      representable (~> 3.0)
      retriable (>= 2.0, < 4.0)
      signet (~> 0.10)
    google-protobuf (3.7.0)
    googleauth (0.8.1)
      faraday (~> 0.12)
      jwt (>= 1.4, < 3.0)
      memoist (~> 0.16)
      multi_json (~> 1.11)
      os (>= 0.9, < 2.0)
      signet (~> 0.7)
    gssapi (1.3.0)
      ffi (>= 1.0.1)
    gyoku (1.3.1)
      builder (>= 2.1.2)
    hashie (3.6.0)
    highline (1.7.10)
    http-cookie (1.0.3)
      domain_name (~> 0.5)
    httpclient (2.8.3)
    inifile (3.0.0)
    iniparse (1.4.4)
    ipaddress (0.8.3)
    jaro_winkler (1.5.2)
    jmespath (1.4.0)
    json-schema (2.8.1)
      addressable (>= 2.4)
    jwt (2.2.1)
    libyajl2 (1.2.0)
    little-plugger (1.1.4)
    logging (2.2.2)
      little-plugger (~> 1.1)
      multi_json (~> 1.10)
    memoist (0.16.0)
    mime-types (3.2.2)
      mime-types-data (~> 3.2015)
    mime-types-data (3.2019.0331)
    mini_portile2 (2.4.0)
    minitar (0.8)
    mixlib-archive (1.0.1)
      mixlib-log
    mixlib-authentication (2.1.1)
    mixlib-cli (1.7.0)
    mixlib-config (3.0.1)
      tomlrb
    mixlib-install (3.11.18)
      mixlib-shellout
      mixlib-versioning
      thor
    mixlib-log (3.0.1)
    mixlib-shellout (2.4.4)
    mixlib-versioning (1.2.7)
    molinillo (0.6.6)
    ms_rest (0.7.4)
      concurrent-ruby (~> 1.0)
      faraday (~> 0.9)
      timeliness (~> 0.3.10)
    ms_rest_azure (0.11.1)
      concurrent-ruby (~> 1.0)
      faraday (~> 0.9)
      faraday-cookie_jar (~> 0.0.6)
      ms_rest (~> 0.7.4)
      unf_ext (= 0.0.7.2)
    multi_json (1.13.1)
    multipart-post (2.1.1)
    mysql2 (0.5.2)
    net-ldap (0.16.1)
    net-scp (1.2.1)
      net-ssh (>= 2.6.5)
    net-sftp (2.1.2)
      net-ssh (>= 2.6.5)
    net-ssh (4.2.0)
    net-ssh-gateway (2.0.0)
      net-ssh (>= 4.0.0)
    net-ssh-multi (1.2.1)
      net-ssh (>= 2.6.5)
      net-ssh-gateway (>= 1.2.0)
    net-telnet (0.1.1)
    netaddr (2.0.3)
    nokogiri (1.10.3)
      mini_portile2 (~> 2.4.0)
    nori (2.6.0)
    numerizer (0.1.1)
    octokit (4.14.0)
      sawyer (~> 0.8.0, >= 0.5.3)
    ohai (14.8.12)
      chef-config (>= 12.8, < 15)
      ffi (~> 1.9)
      ffi-yajl (~> 2.2)
      ipaddress
      mixlib-cli (>= 1.7.0)
      mixlib-config (>= 2.0, < 4.0)
      mixlib-log (>= 2.0.1, < 4.0)
      mixlib-shellout (>= 2.0, < 4.0)
      plist (~> 3.1)
      systemu (~> 2.6.4)
      wmi-lite (~> 1.0)
    optimist (3.0.0)
    os (1.0.1)
    paint (1.0.1)
    parallel (1.17.0)
    parser (2.6.3.0)
      ast (~> 2.4.0)
    pg (0.18.4)
    plist (3.5.0)
    polyglot (0.3.5)
    proxifier (1.0.3)
    public_suffix (3.1.0)
    rack (2.0.7)
    rainbow (3.0.0)
    rake (12.3.2)
    representable (3.0.4)
      declarative (< 0.1.0)
      declarative-option (< 0.2.0)
      uber (< 0.2.0)
    retriable (3.1.2)
    retryable (3.0.4)
    rspec (3.8.0)
      rspec-core (~> 3.8.0)
      rspec-expectations (~> 3.8.0)
      rspec-mocks (~> 3.8.0)
    rspec-core (3.8.0)
      rspec-support (~> 3.8.0)
    rspec-expectations (3.8.4)
      diff-lcs (>= 1.2.0, < 2.0)
      rspec-support (~> 3.8.0)
    rspec-its (1.3.0)
      rspec-core (>= 3.0.0)
      rspec-expectations (>= 3.0.0)
    rspec-mocks (3.8.0)
      diff-lcs (>= 1.2.0, < 2.0)
      rspec-support (~> 3.8.0)
    rspec-support (3.8.2)
    rspec_junit_formatter (0.2.3)
      builder (< 4)
      rspec-core (>= 2, < 4, != 2.12.0)
    rubocop (0.71.0)
      jaro_winkler (~> 1.5.1)
      parallel (~> 1.10)
      parser (>= 2.6)
      rainbow (>= 2.2.2, < 4.0)
      ruby-progressbar (~> 1.7)
      unicode-display_width (>= 1.4.0, < 1.7)
    ruby-graphviz (1.2.4)
    ruby-progressbar (1.10.1)
    ruby-wmi (0.4.0)
    rubyntlm (0.6.2)
    rubyzip (1.2.3)
    rufus-lru (1.1.0)
    sawyer (0.8.2)
      addressable (>= 2.3.5)
      faraday (> 0.8, < 2.0)
    semverse (3.0.0)
    serverspec (2.41.4)
      multi_json
      rspec (~> 3.0)
      rspec-its
      specinfra (~> 2.72)
    sfl (2.3)
    signet (0.11.0)
      addressable (~> 2.3)
      faraday (~> 0.9)
      jwt (>= 1.5, < 3.0)
      multi_json (~> 1.10)
    simple-password-gen (0.1.5)
    slack-notifier (2.3.2)
    solve (4.0.2)
      molinillo (~> 0.6)
      semverse (>= 1.1, < 4.0)
    specinfra (2.78.0)
      net-scp
      net-ssh (>= 2.7)
      net-telnet (= 0.1.1)
      sfl
    syslog-logger (1.6.8)
    systemu (2.6.5)
    thin (1.7.2)
      daemons (~> 1.0, >= 1.0.9)
      eventmachine (~> 1.0, >= 1.0.4)
      rack (>= 1, < 3)
    thor (0.20.3)
    timeliness (0.3.10)
    tomlrb (1.2.8)
    treetop (1.6.10)
      polyglot (~> 0.3)
    uber (0.1.0)
    unf (0.1.4)
      unf_ext
    unf_ext (0.0.7.2)
    unicode-display_width (1.6.0)
    uuidtools (2.1.5)
    winrm (2.3.2)
      builder (>= 2.1.2)
      erubis (~> 2.7)
      gssapi (~> 1.2)
      gyoku (~> 1.0)
      httpclient (~> 2.2, >= 2.2.0.2)
      logging (>= 1.6.1, < 3.0)
      nori (~> 2.0)
      rubyntlm (~> 0.6.0, >= 0.6.1)
    winrm-elevated (1.1.1)
      winrm (~> 2.0)
      winrm-fs (~> 1.0)
    winrm-fs (1.3.2)
      erubis (~> 2.7)
      logging (>= 1.6.1, < 3.0)
      rubyzip (~> 1.1)
      winrm (~> 2.0)
    wmi-lite (1.0.2)
    yard (0.9.19)

PLATFORMS
  ruby

DEPENDENCIES
  berkshelf (~> 7.0.6)
  chef-dk (~> 3.2.30)
  chef-sugar
  chef-vault (~> 3.3.0)
  cloud-mu!
  ffi-libarchive
  foodcritic (~> 14.1.0)
  knife-windows!
  mysql2
  pg (~> 0.18.4)
  rack
  ruby-wmi
  thin
  winrm (~> 2.3, >= 2.3.2)

BUNDLED WITH
   1.17.2
